GEM
  remote: https://rubygems.org/
  specs:
    asciidoctor (2.0.10)

PLATFORMS
  ruby

DEPENDENCIES
  asciidoctor

RUBY VERSION
   ruby 2.6.2p47

BUNDLED WITH
   1.17.3
